PATH
  remote: .
  specs:
    wisper-activejob-broadcaster (0.3.1)
      activejob
      wisper

GEM
  remote: https://rubygems.org/
  specs:
    activejob (7.0.1)
      activesupport (= 7.0.1)
      globalid (>= 0.3.6)
    activesupport (7.0.1)
      concurrent-ruby (~> 1.0, >= 1.0.2)
      i18n (>= 1.6, < 2)
      minitest (>= 5.1)
      tzinfo (~> 2.0)
    concurrent-ruby (1.1.10)
    diff-lcs (1.5.0)
    globalid (1.0.1)
      activesupport (>= 5.0)
    i18n (1.12.0)
      concurrent-ruby (~> 1.0)
    minitest (5.17.0)
    rake (13.0.6)
    rspec (3.10.0)
      rspec-core (~> 3.10.0)
      rspec-expectations (~> 3.10.0)
      rspec-mocks (~> 3.10.0)
    rspec-core (3.10.1)
      rspec-support (~> 3.10.0)
    rspec-expectations (3.10.1)
      diff-lcs (>= 1.2.0, < 2.0)
      rspec-support (~> 3.10.0)
    rspec-mocks (3.10.2)
      diff-lcs (>= 1.2.0, < 2.0)
      rspec-support (~> 3.10.0)
    rspec-support (3.10.3)
    tzinfo (2.0.5)
      concurrent-ruby (~> 1.0)
    wisper (2.0.1)

PLATFORMS
  x86_64-darwin-20
  x86_64-linux

DEPENDENCIES
  bundler (~> 2.1)
  rake (>= 12.3.3)
  rspec
  wisper-activejob-broadcaster!

BUNDLED WITH
   2.2.32
